GEM
  remote: https://rubygems.org/
  specs:
    coderay (1.1.3)
    little-plugger (1.1.4)
    logging (2.3.1)
      little-plugger (~> 1.1)
      multi_json (~> 1.14)
    method_source (1.0.0)
    multi_json (1.15.0)
    pry (0.14.2)
      coderay (~> 1.1)
      method_source (~> 1.0)

PLATFORMS
  arm64-darwin-22

DEPENDENCIES
  logging (~> 2.1)
  pry

BUNDLED WITH
   2.4.19
